GEM
  remote: https://rubygems.org/
  specs:
    addressable (2.3.8)
    claide (1.0.0)
    colored (1.2)
    danger (0.7.4)
      claide
      colored (~> 1.2)
      faraday
      git
      octokit (~> 4.2)
      redcarpet (~> 3.3)
      terminal-table (~> 1)
    faraday (0.9.1)
      multipart-post (>= 1.2, < 3)
    git (1.3.0)
    multipart-post (2.0.0)
    octokit (4.3.0)
      sawyer (~> 0.7.0, >= 0.5.3)
    redcarpet (3.3.4)
    sawyer (0.7.0)
      addressable (>= 2.3.5, < 2.5)
      faraday (~> 0.8, < 0.10)
    terminal-table (1.4.5)

PLATFORMS
  ruby

DEPENDENCIES
  danger

BUNDLED WITH
   1.12.5
